GEM
  remote: http://rubygems.org/
  specs:
    RedCloth (4.2.9)
    adsf (1.2.0)
      rack (>= 1.0.0)
    breakpoint (2.5.0)
      sass (~> 3.3)
      sassy-maps (< 1.0.0)
    builder (3.2.2)
    celluloid (0.16.0)
      timers (~> 4.0.0)
    chunky_png (1.3.3)
    coderay (1.1.0)
    coffee-script (2.3.0)
      coffee-script-source
      execjs
    coffee-script-source (1.8.0)
    colored (1.2)
    compass (1.0.1)
      chunky_png (~> 1.2)
      compass-core (~> 1.0.1)
      compass-import-once (~> 1.0.5)
      rb-fsevent (>= 0.9.3)
      rb-inotify (>= 0.9)
      sass (>= 3.3.13, < 3.5)
    compass-core (1.0.1)
      multi_json (~> 1.0)
      sass (>= 3.3.0, < 3.5)
    compass-import-once (1.0.5)
      sass (>= 3.2, < 3.5)
    cri (2.7.0)
      colored (~> 1.2)
    diff-lcs (1.2.4)
    execjs (2.2.2)
    ffi (1.9.6)
    formatador (0.2.5)
    guard (2.6.1)
      formatador (>= 0.2.4)
      listen (~> 2.7)
      lumberjack (~> 1.0)
      pry (>= 0.9.12)
      thor (>= 0.18.1)
    guard-coffeescript (1.2.1)
      coffee-script (>= 2.2.0)
      guard (>= 1.1.0)
    guard-nanoc (1.0.2)
      guard (>= 1.8.0)
      nanoc (>= 3.6.3)
    guard-rspec (3.0.0)
      guard (>= 1.8)
      rspec (~> 2.13)
    haml (4.0.6)
      tilt
    hitimes (1.2.2)
    listen (2.8.3)
      celluloid (>= 0.15.2)
      rb-fsevent (>= 0.9.3)
      rb-inotify (>= 0.9)
    lumberjack (1.0.9)
    method_source (0.8.2)
    mini_portile2 (2.5.1)
    multi_json (1.10.1)
    nanoc (3.7.5)
      cri (~> 2.3)
    nokogiri (1.11.4)
      mini_portile2 (~> 2.5.0)
      racc (~> 1.4)
    posix-spawn (0.3.9)
    pry (0.10.1)
      coderay (~> 1.1.0)
      method_source (~> 0.8.1)
      slop (~> 3.4)
    pygments.rb (0.6.0)
      posix-spawn (~> 0.3.6)
      yajl-ruby (~> 1.1.0)
    racc (1.5.2)
    rack (1.6.0)
    rb-fsevent (0.9.4)
    rb-inotify (0.9.5)
      ffi (>= 0.5.0)
    redcarpet (3.2.0)
    rspec (2.13.0)
      rspec-core (~> 2.13.0)
      rspec-expectations (~> 2.13.0)
      rspec-mocks (~> 2.13.0)
    rspec-core (2.13.1)
    rspec-expectations (2.13.0)
      diff-lcs (>= 1.1.3, < 2.0)
    rspec-mocks (2.13.1)
    sass (3.4.9)
    sassy-maps (0.4.0)
      sass (~> 3.3)
    slop (3.6.0)
    susy (2.1.3)
      sass (>= 3.3.0, < 3.5)
    thor (0.19.1)
    tilt (2.0.1)
    timers (4.0.1)
      hitimes
    yajl-ruby (1.1.0)

PLATFORMS
  ruby

DEPENDENCIES
  RedCloth
  adsf
  breakpoint
  builder
  compass (= 1.0.1)
  guard
  guard-coffeescript
  guard-nanoc
  guard-rspec
  haml
  nanoc (= 3.7.5)
  nokogiri
  pygments.rb (= 0.6.0)
  redcarpet
  sass (= 3.4.9)
  susy (= 2.1.3)

BUNDLED WITH
   1.10.2
