GEM
  remote: http://rubygems.org/
  specs:
    RedCloth (4.2.9)
    chunky_png (1.2.5)
    coderay (1.0.4)
    columnize (0.3.6)
    compass (0.11.6)
      chunky_png (~> 1.2)
      fssm (>= 0.2.7)
      sass (~> 3.1)
    compass-susy-plugin (0.9)
      compass (>= 0.11.1)
    cri (2.0.2)
    fssm (0.2.7)
    haml (3.1.4)
    linecache (0.46)
      rbx-require-relative (> 0.0.4)
    nanoc (3.2.3)
      nanoc3 (>= 3.2.3)
    nanoc3 (3.2.3)
      cri (~> 2.0)
    rbx-require-relative (0.0.5)
    ruby-debug (0.10.4)
      columnize (>= 0.1)
      ruby-debug-base (~> 0.10.4.0)
    ruby-debug-base (0.10.4)
      linecache (>= 0.3)
    sass (3.1.12)

PLATFORMS
  ruby

DEPENDENCIES
  RedCloth
  coderay
  compass
  compass-susy-plugin
  haml
  nanoc
  ruby-debug
  sass
