GEM
  remote: http://rubygems.org/
  specs:
    RedCloth (4.2.9)
    adsf (1.1.1)
      rack (>= 1.0.0)
    builder (3.1.0)
    chunky_png (1.2.6)
    colored (1.2)
    compass (0.12.2)
      chunky_png (~> 1.2)
      fssm (>= 0.2.7)
      sass (~> 3.1)
    cri (2.3.0)
      colored (>= 1.2)
    fssm (0.2.9)
    haml (3.1.7)
    kramdown (0.13.8)
    nanoc (3.4.0)
      cri (~> 2.2)
    posix-spawn (0.3.9)
    pygments.rb (0.6.0)
      posix-spawn (~> 0.3.6)
      yajl-ruby (~> 1.1.0)
    rack (1.4.1)
    redcarpet (3.2.0)
    sass (3.2.1)
    susy (1.0)
      compass (>= 0.12.2)
      sass (>= 3.2.0)
    yajl-ruby (1.1.0)

PLATFORMS
  ruby

DEPENDENCIES
  RedCloth
  adsf
  builder
  compass
  haml
  kramdown
  nanoc
  pygments.rb (= 0.6.0)
  redcarpet (= 3.2.0)
  sass
  susy
